GIT
  remote: git://github.com/Javache/rubycas-client-rails.git
  revision: e6e2ea8b50dfd8e7a623b0ffbb0a3e98eca98f2f
  specs:
    rubycas-client-rails (0.0.1)
      rails (>= 3.0.0)
      rubycas-client (>= 2.1.0)

GIT
  remote: git://github.com/Javache/rubycas-client.git
  revision: c0cb725e947d6473abf93e22971ec3925daa9bda
  branch: master
  specs:
    rubycas-client (2.1.0)
      activesupport

GEM
  remote: http://rubygems.org/
  specs:
    actionmailer (3.2.22)
      actionpack (= 3.2.22)
      mail (~> 2.5.4)
    actionpack (3.2.22)
      activemodel (= 3.2.22)
      activesupport (= 3.2.22)
      builder (~> 3.0.0)
      erubis (~> 2.7.0)
      journey (~> 1.0.4)
      rack (~> 1.4.5)
      rack-cache (~> 1.2)
      rack-test (~> 0.6.1)
      sprockets (~> 2.2.1)
    activemodel (3.2.22)
      activesupport (= 3.2.22)
      builder (~> 3.0.0)
    activerecord (3.2.22)
      activemodel (= 3.2.22)
      activesupport (= 3.2.22)
      arel (~> 3.0.2)
      tzinfo (~> 0.3.29)
    activeresource (3.2.22)
      activemodel (= 3.2.22)
      activesupport (= 3.2.22)
    activesupport (3.2.22)
      i18n (~> 0.6, >= 0.6.4)
      multi_json (~> 1.0)
    acts_as_list (0.7.2)
      activerecord (>= 3.0)
    airbrake (4.3.0)
      builder
      multi_json
    akami (1.3.1)
      gyoku (>= 0.4.0)
      nokogiri
    annotate (2.6.10)
      activerecord (>= 3.2, <= 4.3)
      rake (~> 10.4)
    ansi (1.5.0)
    arel (3.0.3)
    builder (3.0.4)
    byebug (4.0.5)
      columnize (= 0.9.0)
    capistrano (3.4.0)
      i18n
      rake (>= 10.0.0)
      sshkit (~> 1.3)
    capistrano-bundler (1.1.4)
      capistrano (~> 3.1)
      sshkit (~> 1.2)
    capistrano-rails (1.1.3)
      capistrano (~> 3.1)
      capistrano-bundler (~> 1.1)
    capistrano-rvm (0.1.2)
      capistrano (~> 3.0)
      sshkit (~> 1.2)
    choice (0.2.0)
    chunky_png (1.3.4)
    climate_control (0.0.3)
      activesupport (>= 3.0)
    cocaine (0.5.7)
      climate_control (>= 0.0.3, < 1.0)
    coderay (1.1.0)
    colorize (0.7.7)
    columnize (0.9.0)
    compass (1.0.3)
      chunky_png (~> 1.2)
      compass-core (~> 1.0.2)
      compass-import-once (~> 1.0.5)
      rb-fsevent (>= 0.9.3)
      rb-inotify (>= 0.9)
      sass (>= 3.3.13, < 3.5)
    compass-core (1.0.3)
      multi_json (~> 1.0)
      sass (>= 3.3.0, < 3.5)
    compass-import-once (1.0.5)
      sass (>= 3.2, < 3.5)
    compass-rails (2.0.4)
      compass (~> 1.0.0)
      sass-rails (<= 5.0.1)
      sprockets (< 2.13)
    daemons (1.2.3)
    datagrid (1.3.9)
      rails (>= 3.2.18)
    delayed_job (4.0.6)
      activesupport (>= 3.0, < 5.0)
    delayed_job_active_record (4.0.3)
      activerecord (>= 3.0, < 5.0)
      delayed_job (>= 3.0, < 4.1)
    erubis (2.7.0)
    eventmachine (1.0.7)
    exception_notification (4.1.1)
      actionmailer (>= 3.0.4)
      activesupport (>= 3.0.4)
    execjs (2.5.2)
    ffi (1.9.10)
    formtastic (2.3.1)
      actionpack (>= 3.0)
    gyoku (1.3.1)
      builder (>= 2.1.2)
    hike (1.2.3)
    httparty (0.13.5)
      json (~> 1.8)
      multi_xml (>= 0.5.2)
    httpi (2.4.1)
      rack
    i18n (0.7.0)
    journey (1.0.4)
    jquery-rails (2.3.0)
      railties (>= 3.0, < 5.0)
      thor (>= 0.14, < 2.0)
    json (1.8.3)
    kgio (2.9.3)
    libv8 (3.16.14.11)
    macaddr (1.7.1)
      systemu (~> 2.6.2)
    mail (2.5.4)
      mime-types (~> 1.16)
      treetop (~> 1.4.8)
    method_source (0.8.2)
    mime-types (1.25.1)
    mini_portile (0.6.2)
    minitest (4.7.5)
    multi_json (1.11.2)
    multi_xml (0.5.5)
    mysql2 (0.3.18)
    net-scp (1.2.1)
      net-ssh (>= 2.6.5)
    net-ssh (2.9.2)
    newrelic_rpm (3.12.1.298)
    nokogiri (1.6.6.2)
      mini_portile (~> 0.6.0)
    nori (2.6.0)
    oily_png (1.2.0)
      chunky_png (~> 1.3.1)
    open_uri_redirections (0.2.1)
    paperclip (2.8.0)
      activerecord (>= 2.3.0)
      activesupport (>= 2.3.2)
      cocaine (>= 0.0.2)
      mime-types
    polyglot (0.3.5)
    pry (0.10.1)
      coderay (~> 1.1.0)
      method_source (~> 0.8.1)
      slop (~> 3.4)
    pry-byebug (3.1.0)
      byebug (~> 4.0)
      pry (~> 0.10)
    rack (1.4.7)
    rack-cache (1.2)
      rack (>= 0.4)
    rack-ssl (1.3.4)
      rack
    rack-test (0.6.3)
      rack (>= 1.0)
    rails (3.2.22)
      actionmailer (= 3.2.22)
      actionpack (= 3.2.22)
      activerecord (= 3.2.22)
      activeresource (= 3.2.22)
      activesupport (= 3.2.22)
      bundler (~> 1.0)
      railties (= 3.2.22)
    rails-erd (1.4.1)
      activerecord (>= 3.2)
      activesupport (>= 3.2)
      choice (~> 0.2.0)
      ruby-graphviz (~> 1.2)
    rails-i18n (3.0.1)
      i18n (~> 0.5)
      rails (>= 3.0.0, < 4.0.0)
    railties (3.2.22)
      actionpack (= 3.2.22)
      activesupport (= 3.2.22)
      rack-ssl (~> 1.3.2)
      rake (>= 0.8.7)
      rdoc (~> 3.4)
      thor (>= 0.14.6, < 2.0)
    raindrops (0.14.0)
    rake (10.4.2)
    rb-fsevent (0.9.5)
    rb-inotify (0.9.5)
      ffi (>= 0.5.0)
    rdoc (3.12.2)
      json (~> 1.4)
    ref (1.0.5)
    ruby-graphviz (1.2.2)
    ruby-ole (1.2.11.8)
    ruby-saml (1.0.0)
      nokogiri (>= 1.5.10)
      uuid (~> 2.3)
    sass (3.4.15)
    sass-rails (3.2.6)
      railties (~> 3.2.0)
      sass (>= 3.1.10)
      tilt (~> 1.3)
    savon (2.11.1)
      akami (~> 1.2)
      builder (>= 2.1.2)
      gyoku (~> 1.2)
      httpi (~> 2.3)
      nokogiri (>= 1.4.0)
      nori (~> 2.4)
      wasabi (~> 3.4)
    slop (3.6.0)
    spreadsheet (1.0.3)
      ruby-ole (>= 1.0)
    sprockets (2.2.3)
      hike (~> 1.2)
      multi_json (~> 1.0)
      rack (~> 1.0)
      tilt (~> 1.1, != 1.3.0)
    sqlite3 (1.3.10)
    sshkit (1.7.1)
      colorize (>= 0.7.0)
      net-scp (>= 1.1.2)
      net-ssh (>= 2.8.0)
    systemu (2.6.5)
    term-ansicolor (1.3.2)
      tins (~> 1.0)
    therubyracer (0.12.2)
      libv8 (~> 3.16.14.0)
      ref
    thin (1.6.3)
      daemons (~> 1.0, >= 1.0.9)
      eventmachine (~> 1.0)
      rack (~> 1.0)
    thor (0.19.1)
    tilt (1.4.1)
    tins (1.5.4)
    treetop (1.4.15)
      polyglot
      polyglot (>= 0.3.1)
    turn (0.9.7)
      ansi
      minitest (~> 4)
    tzinfo (0.3.44)
    uglifier (2.7.1)
      execjs (>= 0.3.0)
      json (>= 1.8.0)
    unicorn (4.9.0)
      kgio (~> 2.6)
      rack
      raindrops (~> 0.7)
    uuid (2.3.8)
      macaddr (~> 1.0)
    wasabi (3.5.0)
      httpi (~> 2.0)
      nokogiri (>= 1.4.2)
    will_paginate (3.0.7)

PLATFORMS
  ruby

DEPENDENCIES
  acts_as_list
  airbrake
  annotate
  capistrano
  capistrano-rails
  capistrano-rvm
  compass-rails
  daemons
  datagrid
  delayed_job (~> 4.0)
  delayed_job_active_record
  exception_notification (~> 4.0)
  formtastic (~> 2.2)
  httparty
  jquery-rails (~> 2.1)
  minitest (~> 4.0)
  mysql2
  newrelic_rpm
  oily_png
  open_uri_redirections
  paperclip (~> 2.7)
  pry-byebug
  rails (~> 3.2)
  rails-erd
  rails-i18n
  ruby-saml
  rubycas-client!
  rubycas-client-rails!
  sass-rails (~> 3.2)
  savon
  spreadsheet
  sqlite3
  term-ansicolor
  therubyracer (~> 0.12.0)
  thin
  turn
  uglifier
  unicorn
  will_paginate (~> 3.0)

BUNDLED WITH
   1.10.5
