GIT
  remote: git://github.com/chriseppstein/compass.git
  revision: 33263caffe5548a64253976c0a034afe1ed567f4
  branch: rails31
  specs:
    compass (0.11.3.rails.0.33263ca)
      chunky_png (~> 1.2)
      fssm (>= 0.2.7)
      sass (~> 3.1)

GIT
  remote: git://github.com/zuk/rubycas-client-rails.git
  revision: cec213ae2fbe508284ebbdd666f9cfc20fc86d46
  specs:
    rubycas-client-rails (0.0.1)
      rails (>= 3.0.0)
      rubycas-client (>= 2.1.0)

GEM
  remote: http://rubygems.org/
  specs:
    ZenTest (4.5.0)
    actionmailer (3.1.0.rc5)
      actionpack (= 3.1.0.rc5)
      mail (~> 2.3.0)
    actionpack (3.1.0.rc5)
      activemodel (= 3.1.0.rc5)
      activesupport (= 3.1.0.rc5)
      builder (~> 3.0.0)
      erubis (~> 2.7.0)
      i18n (~> 0.6)
      rack (~> 1.3.1)
      rack-cache (~> 1.0.2)
      rack-mount (~> 0.8.1)
      rack-test (~> 0.6.0)
      sprockets (~> 2.0.0.beta.12)
    activemodel (3.1.0.rc5)
      activesupport (= 3.1.0.rc5)
      bcrypt-ruby (~> 2.1.4)
      builder (~> 3.0.0)
      i18n (~> 0.6)
    activerecord (3.1.0.rc5)
      activemodel (= 3.1.0.rc5)
      activesupport (= 3.1.0.rc5)
      arel (~> 2.1.4)
      tzinfo (~> 0.3.29)
    activeresource (3.1.0.rc5)
      activemodel (= 3.1.0.rc5)
      activesupport (= 3.1.0.rc5)
    activesupport (3.1.0.rc5)
      multi_json (~> 1.0)
    ansi (1.3.0)
    arel (2.1.4)
    autotest-rails (4.1.0)
      ZenTest
    bcrypt-ruby (2.1.4)
    builder (3.0.0)
    chunky_png (1.2.0)
    erubis (2.7.0)
    execjs (1.2.0)
      multi_json (~> 1.0)
    fssm (0.2.7)
    hike (1.2.0)
    i18n (0.6.0)
    jquery-rails (1.0.12)
      railties (~> 3.0)
      thor (~> 0.14)
    mail (2.3.0)
      i18n (>= 0.4.0)
      mime-types (~> 1.16)
      treetop (~> 1.4.8)
    mime-types (1.16)
    multi_json (1.0.3)
    polyglot (0.3.1)
    rack (1.3.2)
    rack-cache (1.0.2)
      rack (>= 0.4)
    rack-mount (0.8.1)
      rack (>= 1.0.0)
    rack-ssl (1.3.2)
      rack
    rack-test (0.6.0)
      rack (>= 1.0)
    rails (3.1.0.rc5)
      actionmailer (= 3.1.0.rc5)
      actionpack (= 3.1.0.rc5)
      activerecord (= 3.1.0.rc5)
      activeresource (= 3.1.0.rc5)
      activesupport (= 3.1.0.rc5)
      bundler (~> 1.0)
      railties (= 3.1.0.rc5)
    railties (3.1.0.rc5)
      actionpack (= 3.1.0.rc5)
      activesupport (= 3.1.0.rc5)
      rack-ssl (~> 1.3.2)
      rake (>= 0.8.7)
      rdoc (~> 3.4)
      thor (~> 0.14.6)
    rake (0.9.2)
    rdoc (3.8)
    rubycas-client (2.2.1)
      activesupport
    sass (3.1.5)
    sass-rails (3.1.0.rc.5)
      actionpack (~> 3.1.0.rc1)
      railties (~> 3.1.0.rc1)
      sass (>= 3.1.4)
      sprockets (>= 2.0.0.beta.9)
    sprockets (2.0.0.beta.12)
      hike (~> 1.2)
      rack (~> 1.0)
      tilt (!= 1.3.0, ~> 1.1)
    sqlite3 (1.3.4)
    thor (0.14.6)
    tilt (1.3.2)
    treetop (1.4.9)
      polyglot (>= 0.3.1)
    turn (0.8.2)
      ansi (>= 1.2.2)
    tzinfo (0.3.29)
    uglifier (1.0.0)
      execjs (>= 0.3.0)
      multi_json (>= 1.0.2)

PLATFORMS
  ruby

DEPENDENCIES
  ZenTest (~> 4.5.0)
  autotest-rails
  compass!
  jquery-rails
  rails (~> 3.1.0.rc)
  rubycas-client
  rubycas-client-rails!
  sass-rails (~> 3.1.0.rc)
  sqlite3
  turn
  uglifier
